GEM
  remote: https://rubygems.org/
  specs:
    activesupport (3.2.21)
      i18n (~> 0.6, >= 0.6.4)
      multi_json (~> 1.0)
    addressable (2.3.7)
    backports (3.6.4)
    chunky_png (1.3.4)
    coderay (1.1.0)
    coffee-script (2.3.0)
      coffee-script-source
      execjs
    coffee-script-source (1.9.0)
    compass (0.12.7)
      chunky_png (~> 1.2)
      fssm (>= 0.2.7)
      sass (~> 3.2.19)
    crack (0.4.2)
      safe_yaml (~> 1.0.0)
    diff-lcs (1.2.5)
    dotenv (1.0.2)
    ethon (0.7.2)
      ffi (>= 1.3.0)
    execjs (2.3.0)
    faraday (0.9.1)
      multipart-post (>= 1.2, < 3)
    faraday_middleware (0.9.1)
      faraday (>= 0.7.4, < 0.10)
    ffi (1.9.6)
    foreman (0.63.0)
      dotenv (>= 0.7)
      thor (>= 0.13.6)
    fssm (0.2.10)
    gh (0.14.0)
      addressable
      backports
      faraday (~> 0.8)
      multi_json (~> 1.0)
      net-http-persistent (>= 2.7)
      net-http-pipeline
    guard (1.0.3)
      ffi (>= 0.5.0)
      thor (>= 0.14.6)
    guard-coffeescript (0.6.0)
      coffee-script (>= 2.2.0)
      guard (>= 0.8.3)
    guard-compass (0.0.6)
      compass (>= 0.10.5)
      guard (>= 0.2.1)
    guard-rspec (0.7.3)
      guard (>= 0.10.0)
    guard-spork (0.8.0)
      guard (>= 0.10.0)
      spork (>= 0.8.4)
    highline (1.6.21)
    httparty (0.11.0)
      multi_json (~> 1.0)
      multi_xml (>= 0.5.2)
    i18n (0.7.0)
    json (1.8.2)
    launchy (2.4.3)
      addressable (~> 2.3)
    libv8 (3.11.8.17)
    method_source (0.8.2)
    multi_json (1.10.1)
    multi_xml (0.5.5)
    multipart-post (2.0.0)
    net-http-persistent (2.9.4)
    net-http-pipeline (1.0.1)
    pry (0.9.12.6)
      coderay (~> 1.0)
      method_source (~> 0.8)
      slop (~> 3.4)
    puma (2.1.1)
      rack (>= 1.1, < 2.0)
    pusher-client (0.6.0)
      json
      websocket (~> 1.0)
    rabl (0.8.6)
      activesupport (>= 2.3.14)
    rack (1.6.0)
    rack-protection (1.5.3)
      rack
    rack-test (0.6.3)
      rack (>= 1.0)
    rake (10.1.1)
    ref (1.0.5)
    rspec (2.13.0)
      rspec-core (~> 2.13.0)
      rspec-expectations (~> 2.13.0)
      rspec-mocks (~> 2.13.0)
    rspec-core (2.13.1)
    rspec-expectations (2.13.0)
      diff-lcs (>= 1.1.3, < 2.0)
    rspec-mocks (2.13.1)
    safe_yaml (1.0.4)
    sass (3.2.19)
    shotgun (0.9)
      rack (>= 1.0)
    sinatra (1.4.5)
      rack (~> 1.4)
      rack-protection (~> 1.4)
      tilt (~> 1.3, >= 1.3.4)
    slop (3.6.0)
    spork (0.9.2)
    therubyracer (0.11.4)
      libv8 (~> 3.11.8.12)
      ref
    thor (0.19.1)
    tilt (1.4.1)
    time-lord (1.0.1)
    travis (1.7.5)
      addressable (~> 2.3)
      backports
      faraday (~> 0.9)
      faraday_middleware (~> 0.9, >= 0.9.1)
      gh (~> 0.13)
      highline (~> 1.6)
      launchy (~> 2.1)
      pry (~> 0.9, < 0.10)
      pusher-client (~> 0.4)
      typhoeus (~> 0.6, >= 0.6.8)
    typhoeus (0.7.1)
      ethon (>= 0.7.1)
    vcr (2.2.5)
    webmock (1.8.11)
      addressable (>= 2.2.7)
      crack (>= 0.1.7)
    websocket (1.2.1)

PLATFORMS
  ruby

DEPENDENCIES
  activesupport (~> 3.2.13)
  compass (~> 0.12.1)
  crack
  foreman (~> 0.63.0)
  guard (~> 1.0.3)
  guard-coffeescript (~> 0.6.0)
  guard-compass (~> 0.0.6)
  guard-rspec (~> 0.7.3)
  guard-spork (~> 0.8.0)
  httparty (~> 0.11.0)
  puma (~> 2.1.0)
  rabl (~> 0.8.5)
  rack-test (~> 0.6.2)
  rake (~> 10.1.0)
  rspec (~> 2.13.0)
  shotgun (~> 0.9)
  sinatra (~> 1.4.3)
  therubyracer (~> 0.11.4)
  time-lord (~> 1.0.1)
  travis (~> 1.7.5)
  vcr (~> 2.2.0)
  webmock (~> 1.8.0)
